GEM
  remote: http://rubygems.org/
  specs:
    builder (3.0.0)
    dalli (1.1.4)
    haml (3.1.2)
    happymapper (0.3.2)
      libxml-ruby (~> 1.1.3)
    libxml-ruby (1.1.4)
    mime-types (1.16)
    nokogiri (1.5.0)
    pivotal-tracker (0.4.1)
      builder
      builder
      happymapper (>= 0.3.2)
      happymapper (>= 0.3.2)
      nokogiri (>= 1.4.3)
      nokogiri (~> 1.4)
      rest-client (~> 1.6.0)
      rest-client (~> 1.6.0)
    rack (1.3.2)
    rest-client (1.6.6)
      mime-types (>= 1.16)

PLATFORMS
  ruby

DEPENDENCIES
  dalli
  haml
  pivotal-tracker
  rack
